PATH
  remote: .
  specs:
    e (0.4.6)
      rack (~> 1.5)
      tilt (~> 1.3)

GEM
  remote: http://rubygems.org/
  specs:
    activesupport (3.2.13)
      i18n (= 0.6.1)
      multi_json (~> 1.0)
    haml (4.0.2)
      tilt
    i18n (0.6.1)
    json (1.7.7)
    multi_json (1.7.2)
    rabl (0.8.4)
      activesupport (>= 2.3.14)
    rack (1.5.2)
    rake (10.0.4)
    sass (3.2.8)
    slim (1.3.8)
      temple (~> 0.6.3)
      tilt (~> 1.3.3)
    sonar (0.1.6)
      rack (~> 1.5)
    specular (0.2.1)
    temple (0.6.4)
    tilt (1.3.7)

PLATFORMS
  ruby

DEPENDENCIES
  e!
  haml
  json
  rabl
  rake (~> 10)
  sass
  slim
  sonar (>= 0.1.6)
  specular (>= 0.2.1)
