PATH
  remote: .
  specs:
    e (0.4.5)
      rack (~> 1.5)
      tilt (~> 1.3)

GEM
  remote: http://rubygems.org/
  specs:
    activesupport (3.2.13)
      i18n (= 0.6.1)
      multi_json (~> 1.0)
    haml (4.0.1)
      tilt
    hike (1.2.1)
    i18n (0.6.1)
    json (1.7.7)
    multi_json (1.7.2)
    rabl (0.8.2)
      activesupport (>= 2.3.14)
    rack (1.5.2)
    rake (10.0.4)
    sass (3.2.7)
    slim (1.3.6)
      temple (~> 0.5.5)
      tilt (~> 1.3.3)
    sonar (0.1.5)
      rack (~> 1.4)
    specular (0.2.1)
    sprockets (2.9.0)
      hike (~> 1.2)
      multi_json (~> 1.0)
      rack (~> 1.0)
      tilt (~> 1.1, != 1.3.0)
    temple (0.5.5)
    tilt (1.3.6)

PLATFORMS
  ruby

DEPENDENCIES
  e!
  haml
  json
  rabl
  rake (~> 10)
  sass
  slim
  sonar (>= 0.1.5)
  specular (>= 0.2.1)
  sprockets
