PATH
  remote: .
  specs:
    e (0.4.9)
      rack (~> 1.5)
      tilt (~> 1.3)

GEM
  remote: http://rubygems.org/
  specs:
    activesupport (3.2.13)
      i18n (= 0.6.1)
      multi_json (~> 1.0)
    haml (4.0.3)
      tilt
    i18n (0.6.1)
    json (1.8.0)
    multi_json (1.7.7)
    rabl (0.8.5)
      activesupport (>= 2.3.14)
    rack (1.5.2)
    rake (10.0.4)
    sass (3.2.9)
    slim (2.0.0)
      temple (~> 0.6.5)
      tilt (~> 1.3, >= 1.3.3)
    sonar (0.2.0)
      rack (~> 1.5)
    specular (0.2.2)
    temple (0.6.5)
    tilt (1.4.1)

PLATFORMS
  ruby

DEPENDENCIES
  bundler
  e!
  haml
  json
  rabl
  rake (~> 10)
  sass
  slim
  sonar (>= 0.1.6)
  specular (>= 0.2.1)
